PATH
  remote: .
  specs:
    ruby_native_statistics (0.7.0)

GEM
  remote: https://rubygems.org/
  specs:
    minitest (5.8.4)
    rake (11.1.2)
    rake-compiler (0.9.9)
      rake

PLATFORMS
  ruby

DEPENDENCIES
  bundler (~> 1.11)
  minitest (~> 5.0)
  rake (~> 11.0)
  rake-compiler (~> 0.9)
  ruby_native_statistics!

BUNDLED WITH
   1.11.2
